{
  "ImageType": "ORIGINAL/PRIMARY/M/ND/MOSAIC",
  "ManufacturerModelName": "TrioTim",
  "ScanningSequence": "EP",
  "SequenceVariant": "SK",
  "ScanOptions": "FS",
  "MRAcquisitionType": "2D",
  "SequenceName": "*epfid2d1_64",
  "RepetitionTime": 2,
  "EchoTime": 0.03,
  "NumberOfAverages": 1,
  "ImagingFrequency": 123249326,
  "MagneticFieldStrength": 3,
  "NumberOfPhaseEncodingSteps": 63,
  "EchoTrainLength": 1,
  "PercentSampling": 100,
  "PercentPhaseFieldOfView": 100,
  "PixelBandwidth": 1420,
  "EPIFactor": 128,
  "AccelerationFactorPE": 2,
  "AccelNumReferenceLines": 24,
  "TotalScanTimeSec": 376,
  "ReceiveCoilName": "HeadMatrix",
  "DeviceSerialNumber": "35343",
  "SoftwareVersions": "syngo MR B15",
  "ProtocolName": "BOLD - STOPSIGNAL",
  "TransmitCoilName": "Body",
  "AcquisitionMatrix": "64/0/0/64",
  "InPlanePhaseEncodingDirection": "COL",
  "FlipAngle": 90,
  "VariableFlipAngleFlag": "N",
  "PatientPosition": "HFS",
  "EffectiveEchoSpacing": 0.000395,
  "SliceTiming": [
    1.005,
    0,
    1.0625,
    0.06,
    1.1225,
    0.12,
    1.1825,
    0.1775,
    1.24,
    0.2375,
    1.3,
    0.295,
    1.36,
    0.355,
    1.4175,
    0.415,
    1.4775,
    0.4725,
    1.535,
    0.5325,
    1.595,
    0.59,
    1.655,
    0.65,
    1.7125,
    0.71,
    1.7725,
    0.7675,
    1.83,
    0.8275,
    1.89,
    0.8875,
    1.95,
    0.945
  ],
  "PhaseEncodingDirection": "j-",
  "TaskParameters": {
    "Settings": {
      "BSI": 1,
      "ISI": 1.5,
      "Ladder1 start": 250,
      "Ladder2 start": 350,
      "NUMCHUNKS": 4,
      "OCI": 0.5,
      "Step": 50,
      "trigger_time": 10.323
    },
    "Ladder1": [
      250,
      300,
      250,
      300,
      350,
      400,
      450,
      500,
      550,
      600,
      650,
      600,
      550,
      500,
      550,
      600,
      550,
      500,
      450,
      500,
      550,
      500,
      450,
      500,
      550,
      600,
      550,
      500,
      550,
      600,
      550,
      500,
      450
    ],
    "Ladder2": [
      350,
      300,
      350,
      400,
      450,
      400,
      450,
      500,
      450,
      500,
      550,
      600,
      650,
      600,
      650,
      600,
      550,
      500,
      550,
      600,
      550,
      500,
      450,
      400,
      450,
      500,
      550,
      600,
      550,
      500,
      450,
      500,
      550
    ]
  },
  "TaskName": "stopsignal"
}
