{
        "ImageType": "ORIGINAL/PRIMARY/M/ND/MOSAIC",
        "ManufacturerModelName": "TrioTim",
        "ScanningSequence": "EP",
        "SequenceVariant": "SK/SP",
        "ScanOptions": "PFP/FS",
        "MRAcquisitionType": "2D",
        "SequenceName": "*ep_b1000#10",
        "RepetitionTime": 7,
        "EchoTime": 0.0926,
        "NumberOfAverages": 1,
        "ImagingFrequency": 123249916,
        "MagneticFieldStrength": 3,
        "NumberOfPhaseEncodingSteps": 72,
        "EchoTrainLength": 1,
        "PercentSampling": 100,
        "PercentPhaseFieldOfView": 100,
        "PixelBandwidth": 2265,
        "EPIFactor": 128,
        "AccelerationFactorPE": 1,
        "TotalScanTimeSec": 464,
        "ReceiveCoilName": "HeadMatrix",
        "DeviceSerialNumber": "35343",
        "SoftwareVersions": "syngo MR B15",
        "ProtocolName": "DTI 64dir",
        "TransmitCoilName": "Body",
        "AcquisitionMatrix": "96/0/0/96",
        "InPlanePhaseEncodingDirection": "COL",
        "FlipAngle": 90,
        "VariableFlipAngleFlag": "N",
        "PatientPosition": "HFS",
        "EffectiveEchoSpacing": 0.000689983,
        "TotalReadoutTime": 0.088317824,
        "SliceTiming": [
        3.515,
        0,
        3.655,
        0.1425,
        3.795,
        0.2825,
        3.9375,
        0.4225,
        4.0775,
        0.5625,
        4.2175,
        0.705,
        4.3575,
        0.845,
        4.4975,
        0.985,
        4.64,
        1.125,
        4.78,
        1.265,
        4.92,
        1.4075,
        5.06,
        1.5475,
        5.2025,
        1.6875,
        5.3425,
        1.8275,
        5.4825,
        1.9675,
        5.6225,
        2.11,
        5.7625,
        2.25,
        5.905,
        2.39,
        6.045,
        2.53,
        6.185,
        2.6725,
        6.325,
        2.8125,
        6.4675,
        2.9525,
        6.6075,
        3.0925,
        6.7475,
        3.2325,
        6.8875,
        3.375 ],
        "PhaseEncodingDirection": "j-"
}
