{
        "ImageType": "ORIGINAL/PRIMARY/DIFFUSION/NONE/ND/MOSAIC",
        "ManufacturerModelName": "TrioTim",
        "ScanningSequence": "EP",
        "SequenceVariant": "SK/SP",
        "ScanOptions": "PFP/FS",
        "MRAcquisitionType": "2D",
        "SequenceName": "*ep_b1000#62",
        "RepetitionTime": 9,
        "EchoTime": 0.093,
        "NumberOfAverages": 1,
        "ImagingFrequency": 123191465,
        "MagneticFieldStrength": 3,
        "NumberOfPhaseEncodingSteps": 72,
        "EchoTrainLength": 1,
        "PercentSampling": 100,
        "PercentPhaseFieldOfView": 100,
        "PixelBandwidth": 2264,
        "EPIFactor": 128,
        "AccelerationFactorPE": 1,
        "TotalScanTimeSec": 596,
        "ReceiveCoilName": "HeadMatrix",
        "DeviceSerialNumber": "35426",
        "SoftwareVersions": "syngo MR B17",
        "ProtocolName": "DTI 64dir",
        "TransmitCoilName": "Body",
        "AcquisitionMatrix": "96/0/0/96",
        "InPlanePhaseEncodingDirection": "COL",
        "FlipAngle": 90,
        "VariableFlipAngleFlag": "N",
        "PatientPosition": "HFS",
        "EffectiveEchoSpacing": 0.000689983,
        "TotalReadoutTime": 0.088317824,
        "SliceTiming": [
        4.5175,
        0,
        4.6675,
        0.15,
        4.8175,
        0.3,
        4.97,
        0.4525,
        5.12,
        0.6025,
        5.27,
        0.7525,
        5.42,
        0.9025,
        5.5725,
        1.055,
        5.7225,
        1.205,
        5.8725,
        1.355,
        6.0225,
        1.505,
        6.175,
        1.655,
        6.325,
        1.8075,
        6.475,
        1.9575,
        6.625,
        2.1075,
        6.7775,
        2.2575,
        6.9275,
        2.41,
        7.0775,
        2.56,
        7.2275,
        2.71,
        7.3775,
        2.86,
        7.53,
        3.0125,
        7.68,
        3.1625,
        7.83,
        3.3125,
        7.98,
        3.4625,
        8.1325,
        3.615,
        8.2825,
        3.765,
        8.4325,
        3.915,
        8.5825,
        4.065,
        8.735,
        4.2175,
        8.885,
        4.3675 ],
        "PhaseEncodingDirection": "j-"
}
