{
        "ImageType": "ORIGINAL/PRIMARY/DIFFUSION/NONE/ND/MOSAIC",
        "ManufacturerModelName": "TrioTim",
        "ScanningSequence": "EP",
        "SequenceVariant": "SK/SP",
        "ScanOptions": "PFP/FS",
        "MRAcquisitionType": "2D",
        "SequenceName": "*ep_b1000#62",
        "RepetitionTime": 9,
        "EchoTime": 0.093,
        "NumberOfAverages": 1,
        "ImagingFrequency": 123191929,
        "MagneticFieldStrength": 3,
        "NumberOfPhaseEncodingSteps": 72,
        "EchoTrainLength": 1,
        "PercentSampling": 100,
        "PercentPhaseFieldOfView": 100,
        "PixelBandwidth": 2264,
        "EPIFactor": 128,
        "AccelerationFactorPE": 1,
        "TotalScanTimeSec": 596,
        "ReceiveCoilName": "HeadMatrix",
        "DeviceSerialNumber": "35426",
        "SoftwareVersions": "syngo MR B17",
        "ProtocolName": "DTI 64dir",
        "TransmitCoilName": "Body",
        "AcquisitionMatrix": "96/0/0/96",
        "InPlanePhaseEncodingDirection": "COL",
        "FlipAngle": 90,
        "VariableFlipAngleFlag": "N",
        "PatientPosition": "HFS",
        "EffectiveEchoSpacing": 0.000689983,
        "TotalReadoutTime": 0.088317824,
        "SliceTiming": [
        4.5175,
        0,
        4.67,
        0.1525,
        4.82,
        0.3025,
        4.97,
        0.4525,
        5.12,
        0.6025,
        5.2725,
        0.755,
        5.4225,
        0.905,
        5.5725,
        1.055,
        5.7225,
        1.205,
        5.875,
        1.3575,
        6.025,
        1.5075,
        6.175,
        1.6575,
        6.325,
        1.8075,
        6.4775,
        1.9575,
        6.6275,
        2.11,
        6.7775,
        2.26,
        6.9275,
        2.41,
        7.08,
        2.56,
        7.23,
        2.7125,
        7.38,
        2.8625,
        7.53,
        3.0125,
        7.68,
        3.1625,
        7.8325,
        3.315,
        7.9825,
        3.465,
        8.1325,
        3.615,
        8.2825,
        3.765,
        8.435,
        3.9175,
        8.585,
        4.0675,
        8.735,
        4.2175,
        8.885,
        4.3675 ],
        "PhaseEncodingDirection": "j-"
}
