{
        "ImageType": "ORIGINAL/PRIMARY/M/ND/MOSAIC",
        "ManufacturerModelName": "TrioTim",
        "ScanningSequence": "EP",
        "SequenceVariant": "SK/SP",
        "ScanOptions": "PFP/FS",
        "MRAcquisitionType": "2D",
        "SequenceName": "*ep_b1000#10",
        "RepetitionTime": 8.4,
        "EchoTime": 0.0926,
        "NumberOfAverages": 1,
        "ImagingFrequency": 123249311,
        "MagneticFieldStrength": 3,
        "NumberOfPhaseEncodingSteps": 72,
        "EchoTrainLength": 1,
        "PercentSampling": 100,
        "PercentPhaseFieldOfView": 100,
        "PixelBandwidth": 2265,
        "EPIFactor": 128,
        "AccelerationFactorPE": 1,
        "TotalScanTimeSec": 556,
        "ReceiveCoilName": "HeadMatrix",
        "DeviceSerialNumber": "35343",
        "SoftwareVersions": "syngo MR B15",
        "ProtocolName": "DTI 64dir",
        "TransmitCoilName": "Body",
        "AcquisitionMatrix": "96/0/0/96",
        "InPlanePhaseEncodingDirection": "COL",
        "FlipAngle": 90,
        "VariableFlipAngleFlag": "N",
        "PatientPosition": "HFS",
        "EffectiveEchoSpacing": 0.000689983,
        "TotalReadoutTime": 0.088317824,
        "SliceTiming": [
        4.2175,
        0,
        4.3575,
        0.1425,
        4.4975,
        0.2825,
        4.64,
        0.4225,
        4.78,
        0.5625,
        4.92,
        0.7025,
        5.06,
        0.845,
        5.2,
        0.985,
        5.3425,
        1.125,
        5.4825,
        1.265,
        5.6225,
        1.4075,
        5.7625,
        1.5475,
        5.905,
        1.6875,
        6.045,
        1.8275,
        6.185,
        1.9675,
        6.325,
        2.11,
        6.465,
        2.25,
        6.6075,
        2.39,
        6.7475,
        2.53,
        6.8875,
        2.67,
        7.0275,
        2.8125,
        7.17,
        2.9525,
        7.31,
        3.0925,
        7.45,
        3.2325,
        7.59,
        3.375,
        7.73,
        3.515,
        7.8725,
        3.655,
        8.0125,
        3.795,
        8.1525,
        3.935,
        8.2925,
        4.0775 ],
        "PhaseEncodingDirection": "j-"
}
