{
        "ImageType": "ORIGINAL/PRIMARY/M/ND/MOSAIC",
        "ManufacturerModelName": "TrioTim",
        "ScanningSequence": "EP",
        "SequenceVariant": "SK/SP",
        "ScanOptions": "PFP/FS",
        "MRAcquisitionType": "2D",
        "SequenceName": "*ep_b1000#10",
        "RepetitionTime": 7,
        "EchoTime": 0.0926,
        "NumberOfAverages": 1,
        "ImagingFrequency": 123249540,
        "MagneticFieldStrength": 3,
        "NumberOfPhaseEncodingSteps": 72,
        "EchoTrainLength": 1,
        "PercentSampling": 100,
        "PercentPhaseFieldOfView": 100,
        "PixelBandwidth": 2265,
        "EPIFactor": 128,
        "AccelerationFactorPE": 1,
        "TotalScanTimeSec": 464,
        "ReceiveCoilName": "HeadMatrix",
        "DeviceSerialNumber": "35343",
        "SoftwareVersions": "syngo MR B15",
        "ProtocolName": "DTI 64dir",
        "TransmitCoilName": "Body",
        "AcquisitionMatrix": "96/0/0/96",
        "InPlanePhaseEncodingDirection": "COL",
        "FlipAngle": 90,
        "VariableFlipAngleFlag": "N",
        "PatientPosition": "HFS",
        "EffectiveEchoSpacing": 0.000689983,
        "TotalReadoutTime": 0.088317824,
        "SliceTiming": [
        3.5125,
        0,
        3.655,
        0.14,
        3.795,
        0.28,
        3.935,
        0.42,
        4.075,
        0.5625,
        4.215,
        0.7025,
        4.3575,
        0.8425,
        4.4975,
        0.9825,
        4.6375,
        1.125,
        4.7775,
        1.265,
        4.92,
        1.405,
        5.06,
        1.545,
        5.2,
        1.685,
        5.34,
        1.8275,
        5.48,
        1.9675,
        5.6225,
        2.1075,
        5.7625,
        2.2475,
        5.9025,
        2.39,
        6.0425,
        2.53,
        6.1825,
        2.67,
        6.325,
        2.81,
        6.465,
        2.95,
        6.605,
        3.0925,
        6.745,
        3.2325,
        6.8875,
        3.3725 ],
        "PhaseEncodingDirection": "j-"
}
